GIT
  remote: git://github.com/christianhellsten/thumbnail.git
  revision: e37353f1720c1665c2e1aabfc4ad5b2d0115d92b
  specs:
    thumbnail (0.0.1)
      hashr
      open4
      smusher

GEM
  remote: https://rubygems.org/
  specs:
    hashr (0.0.22)
    httpclient (2.6.0.1)
    json (1.8.2)
    open4 (1.3.4)
    rake (10.4.2)
    smusher (0.4.9)
      httpclient (>= 2.2)
      json
      rake

PLATFORMS
  ruby

DEPENDENCIES
  thumbnail!
